GEM
  remote: https://rubygems.org/
  specs:
    activesupport (4.0.3)
      i18n (~> 0.6, >= 0.6.4)
      minitest (~> 4.2)
      multi_json (~> 1.3)
      thread_safe (~> 0.1)
      tzinfo (~> 0.3.37)
    arrayfields (4.9.2)
    atomic (1.1.15)
    builder (3.2.2)
    bunny (0.8.0)
    chronic (0.10.2)
    coderay (1.1.0)
    curb (0.8.5)
    deepstruct (0.0.5)
    diff-lcs (1.2.5)
    fattr (2.2.2)
    futurevalue (0.0.2)
    i18n (0.6.9)
    json (1.8.1)
    main (5.1.1)
      arrayfields (>= 4.7.4)
      chronic (>= 0.6.2)
      fattr (>= 2.2.0)
      map (>= 5.1.0)
    map (6.5.3)
    method_source (0.8.2)
    mini_portile (0.5.2)
    minitest (4.7.5)
    multi_json (1.9.0)
    nokogiri (1.6.1)
      mini_portile (~> 0.5.0)
    pathbuilder (0.0.2)
    pebblebed (0.1.3)
      activesupport
      bunny (~> 0.8.0)
      curb (>= 0.8.4)
      deepstruct (>= 0.0.4)
      futurevalue
      i18n
      nokogiri
      pathbuilder
      queryparams
      yajl-ruby
    pry (0.9.12.6)
      coderay (~> 1.0)
      method_source (~> 0.8)
      slop (~> 3.4)
    queryparams (0.0.3)
    rake (10.1.1)
    rspec (2.14.1)
      rspec-core (~> 2.14.0)
      rspec-expectations (~> 2.14.0)
      rspec-mocks (~> 2.14.0)
    rspec-core (2.14.8)
    rspec-expectations (2.14.5)
      diff-lcs (>= 1.1.3, < 2.0)
    rspec-mocks (2.14.6)
    servolux (0.10.0)
    slop (3.4.7)
    thread_safe (0.2.0)
      atomic (>= 1.1.7, < 2)
    tzinfo (0.3.38)
    yajl-ruby (1.2.0)

PLATFORMS
  ruby

DEPENDENCIES
  activesupport (~> 4.0.3)
  builder
  json (~> 1.8)
  main (~> 5.1.0)
  nokogiri
  pebblebed
  pry
  rake
  rspec (~> 2.8)
  servolux (~> 0.10.0)
